GIT
  remote: git://github.com/awilliams/RTanque.git
  revision: 93950720277aa60ca713b8830d7e79b92d299fd0
  specs:
    rtanque (0.0.1)
      configuration
      gosu
      thor

GIT
  remote: git://github.com/awilliams/termination.git
  revision: 1a6e3973cc8a1a1dcd0226948773c09c2d272993
  specs:
    termination (0.0.1)
      ansi
      artii
      coderay
      term-ansicolor

GEM
  remote: https://rubygems.org/
  specs:
    ansi (1.4.3)
    artii (2.0.3)
    coderay (1.0.9)
    configuration (1.3.2)
    gosu (0.7.45)
    term-ansicolor (1.0.7)
    thor (0.17.0)

PLATFORMS
  ruby

DEPENDENCIES
  rtanque!
  termination!
